GEM
  remote: http://rubygems.org/
  specs:
    RedCloth (4.2.7)
    actionmailer (2.3.8)
      actionpack (= 2.3.8)
    actionpack (2.3.8)
      activesupport (= 2.3.8)
      rack (~> 1.1.0)
    activemerchant (1.9.3)
      activesupport (>= 2.3.2)
      braintree (>= 2.0.0)
      builder (>= 2.0.0)
    activerecord (2.3.8)
      activesupport (= 2.3.8)
    activeresource (2.3.8)
      activesupport (= 2.3.8)
    activesupport (2.3.8)
    addressable (2.1.2)
    bluecloth (2.0.11)
    braintree (2.8.0)
      builder
    builder (3.0.0)
    calendar_date_select (1.16.2)
    coderay (0.9.7)
    columnize (0.3.2)
    fdv-actionwebservice (2.3.8)
      actionpack (= 2.3.8)
      activerecord (= 2.3.8)
    htmlentities (4.2.4)
    json (1.5.1)
    linecache (0.43)
    mini_magick (1.2.5)
    pg (0.10.1)
    rack (1.1.1)
    rails (2.3.8)
      actionmailer (= 2.3.8)
      actionpack (= 2.3.8)
      activerecord (= 2.3.8)
      activeresource (= 2.3.8)
      activesupport (= 2.3.8)
      rake (>= 0.8.3)
    rake (0.8.7)
    ruby-debug (0.10.4)
      columnize (>= 0.1)
      ruby-debug-base (~> 0.10.4.0)
    ruby-debug-base (0.10.4)
      linecache (>= 0.3)
    sqlite3 (1.3.3)
    sqlite3-ruby (1.3.3)
      sqlite3 (>= 1.3.3)
    will_paginate (2.3.15)

PLATFORMS
  ruby

DEPENDENCIES
  RedCloth (~> 4.2.2)
  activemerchant (= 1.9.3)
  addressable (~> 2.1.0)
  bluecloth (~> 2.0.5)
  calendar_date_select
  coderay (~> 0.8)
  fdv-actionwebservice (= 2.3.8)
  htmlentities
  json
  mini_magick (~> 1.2.5)
  pg
  rails (~> 2.3.8)
  ruby-debug
  sqlite3-ruby
  will_paginate (~> 2.3.11)
